GEM
  remote: http://rubygems.org/
  specs:
    ZenTest (4.6.2)
    diff-lcs (1.1.3)
    git (1.2.5)
    jeweler (1.6.4)
      bundler (~> 1.0)
      git (>= 1.2.5)
      rake
    rake (0.9.2)
    rdoc (3.9.4)
    redgreen (1.2.2)
    rspec (2.6.0)
      rspec-core (~> 2.6.0)
      rspec-expectations (~> 2.6.0)
      rspec-mocks (~> 2.6.0)
    rspec-core (2.6.4)
    rspec-expectations (2.6.0)
      diff-lcs (~> 1.1.2)
    rspec-mocks (2.6.0)
    test-unit (2.3.2)

PLATFORMS
  ruby

DEPENDENCIES
  ZenTest
  jeweler
  rdoc
  redgreen
  rspec
  test-unit
